GEM
  remote: https://rubygems.org/
  specs:
    byebug (11.1.3)

PLATFORMS
  ruby
  x86_64-linux

DEPENDENCIES
  byebug

RUBY VERSION
   ruby 3.2.1p31

BUNDLED WITH
   2.5.7
